REDIRECTS: ON
STRATEGY: MAX
LOWEST_MATCHING: FALSE
RESTRICTION: == net451
NUGET
  remote: https://api.nuget.org/v3/index.json
    Antlr (3.5.0.2)
    Autofac (3.5.2)
    bootstrap (3.0)
      jQuery (>= 1.9)
    EventStore.Client (3.0.2)
    FSharp.Core (4.0.0.1)
    FsPickler (1.2.5)
    Google.Protobuf (3.2)
    Hyperion (0.9.2)
    jQuery (1.10.2)
    jQuery.Validation (1.11.1)
      jQuery (>= 1.4.4)
    Microsoft.AspNet.Mvc (5.2)
      Microsoft.AspNet.Razor (>= 3.2 < 3.3)
      Microsoft.AspNet.WebPages (>= 3.2 < 3.3)
    Microsoft.AspNet.Razor (3.2)
    Microsoft.AspNet.SignalR (2.0)
      Microsoft.AspNet.SignalR.JS (>= 2.0)
      Microsoft.AspNet.SignalR.SystemWeb (>= 2.0)
    Microsoft.AspNet.SignalR.Core (2.1.2)
      Microsoft.Owin (>= 2.0.1)
      Microsoft.Owin.Security (>= 2.0.1)
      Newtonsoft.Json (>= 6.0.4)
      Owin (>= 1.0)
    Microsoft.AspNet.SignalR.JS (2.0.1)
      jQuery (>= 1.6.4)
    Microsoft.AspNet.SignalR.SystemWeb (2.0.1)
      Microsoft.AspNet.SignalR.Core (>= 2.0.1)
      Microsoft.Owin.Host.SystemWeb (>= 2.0)
    Microsoft.AspNet.Web.Optimization (1.1.3)
      Microsoft.Web.Infrastructure (>= 1.0)
      WebGrease (>= 1.5.2)
    Microsoft.AspNet.WebPages (3.2)
      Microsoft.AspNet.Razor (>= 3.2 < 3.3)
      Microsoft.Web.Infrastructure (>= 1.0)
    Microsoft.Azure.KeyVault.Core (1.0)
    Microsoft.CodeAnalysis.Analyzers (1.1)
    Microsoft.CodeAnalysis.Common (1.3.2)
      Microsoft.CodeAnalysis.Analyzers (>= 1.1)
      System.Collections.Immutable (>= 1.1.37)
      System.Reflection.Metadata (>= 1.2)
    Microsoft.CodeAnalysis.CSharp (1.3.2)
      Microsoft.CodeAnalysis.Common (1.3.2)
    Microsoft.Data.Edm (5.6.4)
    Microsoft.Data.OData (5.6.4)
      Microsoft.Data.Edm (5.6.4)
      System.Spatial (5.6.4)
    Microsoft.Data.Services.Client (5.6.4)
      Microsoft.Data.OData (5.6.4)
    Microsoft.Extensions.DependencyInjection (1.0)
      Microsoft.Extensions.DependencyInjection.Abstractions (>= 1.0)
      System.Collections (>= 4.0.11)
      System.Collections.Concurrent (>= 4.0.12)
      System.Runtime.Extensions (>= 4.1)
      System.Threading (>= 4.0.11)
      System.Threading.Tasks (>= 4.0.11)
    Microsoft.Extensions.DependencyInjection.Abstractions (1.0)
    Microsoft.jQuery.Unobtrusive.Validation (3.2)
      jQuery (>= 1.8)
      jQuery.Validation (>= 1.8)
    Microsoft.Orleans.Core (1.4.2)
      Newtonsoft.Json (>= 7.0.1)
      System.Collections.Immutable (>= 1.1.37)
      System.Reflection.Metadata (>= 1.2)
    Microsoft.Orleans.OrleansAzureUtils (1.4.2)
      Microsoft.Orleans.Core (>= 1.4.2)
      Microsoft.Orleans.OrleansProviders (>= 1.4.2)
      Microsoft.Orleans.OrleansRuntime (>= 1.4.2)
      WindowsAzure.Storage (>= 7.0)
    Microsoft.Orleans.OrleansCodeGenerator (1.4.2)
      Microsoft.CodeAnalysis.CSharp (>= 1.3.2)
      Microsoft.Orleans.Core (>= 1.4.2)
    Microsoft.Orleans.OrleansProviders (1.4.2)
      Microsoft.Orleans.Core (>= 1.4.2)
    Microsoft.Orleans.OrleansRuntime (1.4.2)
      Microsoft.Extensions.DependencyInjection (>= 1.0)
      Microsoft.Extensions.DependencyInjection.Abstractions (>= 1.0)
      Microsoft.Orleans.Core (>= 1.4.2)
    Microsoft.Owin (2.0.1)
      Owin (>= 1.0)
    Microsoft.Owin.Host.SystemWeb (2.0)
      Microsoft.Owin (>= 2.0)
      Owin (>= 1.0)
    Microsoft.Owin.Security (2.0.1)
      Microsoft.Owin (>= 2.0.1)
      Owin (>= 1.0)
    Microsoft.Web.Infrastructure (1.0)
    Microsoft.WindowsAzure.ConfigurationManager (2.0.3)
    Modernizr (2.6.2)
    Nake (2.4)
    Newtonsoft.Json (7.0.1)
    NuGet.CommandLine (3.5)
    NUnit (2.6.4)
    NUnit.Runners (2.6.4)
    Owin (1.0)
    PowerAssert (1.0.41)
    Respond (1.2)
    Streamstone (0.9.5)
      WindowsAzure.Storage (>= 6.1)
    Suave (0.31)
      FSharp.Core (>= 4.0.0.1)
      FsPickler (>= 1.2.5)
    System.Collections (4.3)
    System.Collections.Concurrent (4.3)
    System.Collections.Immutable (1.1.37)
    System.Reflection.Metadata (1.2)
      System.Collections.Immutable (>= 1.1.37)
    System.Runtime.Extensions (4.3)
    System.Spatial (5.6.4)
    System.Threading (4.3)
    System.Threading.Tasks (4.3)
    WebGrease (1.5.2)
      Antlr (>= 3.4.1.9004)
      Newtonsoft.Json (>= 5.0.4)
    WindowsAzure.Storage (7.0)
      Microsoft.Azure.KeyVault.Core (>= 1.0)
      Microsoft.Data.OData (>= 5.6.4)
      Microsoft.Data.Services.Client (>= 5.6.4)
      Newtonsoft.Json (>= 6.0.8)
